GEM
  remote: https://rubygems.org/
  specs:
    ast (2.3.0)
    bond (0.5.1)
    coderay (1.1.1)
    econfig (2.0.0)
    ffi (1.9.18)
    hirb (0.7.3)
    json (2.0.3)
    listen (3.1.5)
      rb-fsevent (~> 0.9, >= 0.9.4)
      rb-inotify (~> 0.9, >= 0.9.7)
      ruby_dep (~> 1.2)
    method_source (0.8.2)
    minitest (5.10.1)
    minitest-rg (5.2.0)
      minitest (~> 5.0)
    parser (2.4.0.0)
      ast (~> 2.2)
    pg (0.20.0)
    powerpack (0.1.1)
    pry (0.10.4)
      coderay (~> 1.1.0)
      method_source (~> 0.8.1)
      slop (~> 3.4)
    puma (3.8.2)
    rack (1.6.5)
    rack-protection (1.5.3)
      rack
    rack-test (0.6.3)
      rack (>= 1.0)
    rainbow (2.2.1)
    rake (12.0.0)
    rb-fsevent (0.9.8)
    rb-inotify (0.9.8)
      ffi (>= 0.5.0)
    rbnacl (4.0.2)
      ffi
    rbnacl-libsodium (1.0.11)
      rbnacl (>= 3.0.1)
    rerun (0.11.0)
      listen (~> 3.0)
    ripl (0.7.1)
      bond (~> 0.5.1)
    ripl-multi_line (0.3.1)
      ripl (>= 0.3.6)
    ripl-rack (0.2.1)
      rack (>= 1.0)
      rack-test (~> 0.6.2)
      ripl (>= 0.7.0)
    rubocop (0.47.1)
      parser (>= 2.3.3.1, < 3.0)
      powerpack (~> 0.1)
      rainbow (>= 1.99.1, < 3.0)
      ruby-progressbar (~> 1.7)
      unicode-display_width (~> 1.0, >= 1.0.1)
    ruby-progressbar (1.8.1)
    ruby_dep (1.5.0)
    sequel (4.45.0)
    sequel-seed (1.0.0)
      sequel (>= 4.0)
    sinatra (1.4.8)
      rack (~> 1.5)
      rack-protection (~> 1.4)
      tilt (>= 1.3, < 3)
    slop (3.6.0)
    sqlite3 (1.3.13)
    tilt (2.0.7)
    tux (0.3.0)
      ripl (>= 0.3.5)
      ripl-multi_line (>= 0.2.4)
      ripl-rack (>= 0.2.0)
      sinatra (>= 1.2.1)
    unicode-display_width (1.1.3)

PLATFORMS
  ruby

DEPENDENCIES
  econfig
  hirb
  json
  minitest
  minitest-rg
  pg
  pry
  puma
  rack-test
  rake
  rbnacl-libsodium
  rerun
  rubocop
  sequel
  sequel-seed
  sinatra
  sqlite3
  tux

RUBY VERSION
   ruby 2.4.0p0

BUNDLED WITH
   1.14.6
